PATH
  remote: .
  specs:
    mock_redis_lua_extension2 (0.2.0)
      mock_redis
      rufus-lua

GEM
  remote: https://rubygems.org/
  specs:
    coderay (1.1.2)
    diff-lcs (1.3)
    ffi (1.9.25)
    method_source (0.9.0)
    mock_redis (0.19.0)
    pry (0.11.3)
      coderay (~> 1.1.0)
      method_source (~> 0.9.0)
    rake (11.3.0)
    rspec (3.7.0)
      rspec-core (~> 3.7.0)
      rspec-expectations (~> 3.7.0)
      rspec-mocks (~> 3.7.0)
    rspec-core (3.7.1)
      rspec-support (~> 3.7.0)
    rspec-expectations (3.7.0)
      diff-lcs (>= 1.2.0, < 2.0)
      rspec-support (~> 3.7.0)
    rspec-mocks (3.7.0)
      diff-lcs (>= 1.2.0, < 2.0)
      rspec-support (~> 3.7.0)
    rspec-support (3.7.1)
    rufus-lua (1.1.5)
      ffi (~> 1.9)

PLATFORMS
  ruby

DEPENDENCIES
  mock_redis_lua_extension2!
  pry
  rake (~> 11.0)
  rspec (~> 3.0)

BUNDLED WITH
   1.17.3
