PATH
  remote: .
  specs:
    mock_redis_lua_extension2 (0.3.0)
      mock_redis
      rufus-lua

GEM
  remote: https://rubygems.org/
  specs:
    coderay (1.1.3)
    diff-lcs (1.3)
    ffi (1.17.0)
    method_source (1.1.0)
    mock_redis (0.28.0)
      ruby2_keywords
    pry (0.15.2)
      coderay (~> 1.1)
      method_source (~> 1.0)
    rake (13.0.1)
    rspec (3.9.0)
      rspec-core (~> 3.9.0)
      rspec-expectations (~> 3.9.0)
      rspec-mocks (~> 3.9.0)
    rspec-core (3.9.1)
      rspec-support (~> 3.9.1)
    rspec-expectations (3.9.1)
      diff-lcs (>= 1.2.0, < 2.0)
      rspec-support (~> 3.9.0)
    rspec-mocks (3.9.1)
      diff-lcs (>= 1.2.0, < 2.0)
      rspec-support (~> 3.9.0)
    rspec-support (3.9.2)
    ruby2_keywords (0.0.5)
    rufus-lua (1.1.5)
      ffi (~> 1.9)

PLATFORMS
  ruby

DEPENDENCIES
  mock_redis (= 0.28.0)
  mock_redis_lua_extension2!
  pry
  rake
  rspec

BUNDLED WITH
   2.3.9
