PATH
  remote: .
  specs:
    mock_redis_lua_extension2 (0.1.0)
      mock_redis
      rufus-lua

GEM
  remote: https://rubygems.org/
  specs:
    appraisal (2.4.0)
      bundler
      rake
      thor (>= 0.14.0)
    coderay (1.1.2)
    diff-lcs (1.3)
    ffi (1.12.2)
    method_source (1.0.0)
    mock_redis (0.23.0)
    pry (0.13.1)
      coderay (~> 1.1)
      method_source (~> 1.0)
    rake (13.0.1)
    rspec (3.9.0)
      rspec-core (~> 3.9.0)
      rspec-expectations (~> 3.9.0)
      rspec-mocks (~> 3.9.0)
    rspec-core (3.9.1)
      rspec-support (~> 3.9.1)
    rspec-expectations (3.9.1)
      diff-lcs (>= 1.2.0, < 2.0)
      rspec-support (~> 3.9.0)
    rspec-mocks (3.9.1)
      diff-lcs (>= 1.2.0, < 2.0)
      rspec-support (~> 3.9.0)
    rspec-support (3.9.2)
    rufus-lua (1.1.5)
      ffi (~> 1.9)
    thor (1.1.0)

PLATFORMS
  ruby

DEPENDENCIES
  appraisal
  mock_redis (= 0.23.0)
  mock_redis_lua_extension2!
  pry
  rake
  rspec

BUNDLED WITH
   1.17.3
